GEM
  remote: https://rubygems.org/
  specs:
    redcarpet (3.2.1)
    yard (0.8.7.6)

PLATFORMS
  ruby

DEPENDENCIES
  redcarpet (~> 3.2.1)
  yard (~> 0.8.7.6)
