GEM
  remote: https://rubygems.org/
  specs:
    yard (0.8.7.6)

PLATFORMS
  ruby

DEPENDENCIES
  yard (~> 0.8.7.6)
